PATH
  remote: .
  specs:
    km-db (0.2.1)
      activerecord (~> 3.1)
      andand
      oj
      parallel
      progressbar

GEM
  remote: http://eu.yarp.io/
  specs:
    activemodel (3.2.19)
      activesupport (= 3.2.19)
      builder (~> 3.0.0)
    activerecord (3.2.19)
      activemodel (= 3.2.19)
      activesupport (= 3.2.19)
      arel (~> 3.0.2)
      tzinfo (~> 0.3.29)
    activesupport (3.2.19)
      i18n (~> 0.6, >= 0.6.4)
      multi_json (~> 1.0)
    andand (1.3.3)
    arel (3.0.3)
    builder (3.0.4)
    coderay (1.1.0)
    diff-lcs (1.1.3)
    i18n (0.6.9)
    json (1.8.1)
    method_source (0.8.2)
    multi_json (1.10.1)
    mysql2 (0.3.16)
    oj (2.9.8)
    parallel (1.0.0)
    progressbar (0.21.0)
    pry (0.9.12.6)
      coderay (~> 1.0)
      method_source (~> 0.8)
      slop (~> 3.4)
    rake (10.3.2)
    rspec (2.4.0)
      rspec-core (~> 2.4.0)
      rspec-expectations (~> 2.4.0)
      rspec-mocks (~> 2.4.0)
    rspec-core (2.4.0)
    rspec-expectations (2.4.0)
      diff-lcs (~> 1.1.2)
    rspec-mocks (2.4.0)
    slop (3.5.0)
    sqlite3 (1.3.9)
    sqlite3-ruby (1.3.3)
      sqlite3 (>= 1.3.3)
    tzinfo (0.3.39)

PLATFORMS
  ruby

DEPENDENCIES
  bundler
  json
  km-db!
  mysql2
  progressbar
  pry
  rake
  rspec (~> 2.4.0)
  sqlite3-ruby
