PATH
  remote: .
  specs:
    km-db (0.2.1)
      activerecord (~> 2.3.12)
      andand
      oj
      parallel
      progressbar

GEM
  remote: http://eu.yarp.io/
  specs:
    activerecord (2.3.18)
      activesupport (= 2.3.18)
    activesupport (2.3.18)
    andand (1.3.3)
    coderay (1.1.0)
    diff-lcs (1.1.3)
    json (1.8.1)
    method_source (0.8.2)
    mysql2 (0.2.22)
    oj (1.4.7)
    parallel (1.0.0)
    progressbar (0.21.0)
    pry (0.9.12.6)
      coderay (~> 1.0)
      method_source (~> 0.8)
      slop (~> 3.4)
    rake (10.3.2)
    rspec (2.4.0)
      rspec-core (~> 2.4.0)
      rspec-expectations (~> 2.4.0)
      rspec-mocks (~> 2.4.0)
    rspec-core (2.4.0)
    rspec-expectations (2.4.0)
      diff-lcs (~> 1.1.2)
    rspec-mocks (2.4.0)
    slop (3.5.0)
    sqlite3 (1.3.9)
    sqlite3-ruby (1.3.3)
      sqlite3 (>= 1.3.3)

PLATFORMS
  ruby

DEPENDENCIES
  bundler (>= 1.0.0)
  json
  km-db!
  mysql2
  progressbar
  pry
  rake
  rspec (~> 2.4.0)
  sqlite3-ruby
